GIT
  remote: https://0xacab.org/edsl/jekyll-archives.git
  revision: d8afc2f73afb500786e86cefda960f77dac0a202
  branch: liquid-slug
  specs:
    jekyll-archives (2.2.1)
      jekyll (>= 3.6, < 5.0)

GIT
  remote: https://0xacab.org/sutty/jekyll/jekyll-purgecss.git
  revision: 3f86a3d07e5f06af67ad5435e5a710987a86c8d6
  specs:
    jekyll-purgecss (0.2.0)

GEM
  remote: https://rubygems.org/
  specs:
    addressable (2.7.0)
      public_suffix (>= 2.0.2, < 5.0)
    ast (2.4.0)
    brotli (0.2.3)
    coderay (1.1.2)
    colorator (1.1.0)
    commonmarker (0.20.2)
      ruby-enum (~> 0.5)
    concurrent-ruby (1.1.5)
    em-websocket (0.5.1)
      eventmachine (>= 0.12.9)
      http_parser.rb (~> 0.6.0)
    equatable (0.5.0)
    eventmachine (1.2.7)
    ffi (1.11.3)
    forwardable-extended (2.6.0)
    http_parser.rb (0.6.0)
    httpclient (2.8.3)
    i18n (1.7.0)
      concurrent-ruby (~> 1.0)
    jaro_winkler (1.5.4)
    jekyll (4.0.0)
      addressable (~> 2.4)
      colorator (~> 1.0)
      em-websocket (~> 0.5)
      i18n (>= 0.9.5, < 2)
      jekyll-sass-converter (~> 2.0)
      jekyll-watch (~> 2.0)
      kramdown (~> 2.1)
      kramdown-parser-gfm (~> 1.0)
      liquid (~> 4.0)
      mercenary (~> 0.3.3)
      pathutil (~> 0.9)
      rouge (~> 3.0)
      safe_yaml (~> 1.0)
      terminal-table (~> 1.8)
    jekyll-brotli (2.2.0)
      brotli (~> 0.2.0)
      jekyll (>= 3.0, < 5.0)
    jekyll-commonmark (1.3.1)
      commonmarker (~> 0.14)
      jekyll (>= 3.7, < 5.0)
    jekyll-drafts-as-metadata (0.0.3)
      jekyll (>= 3.8, < 4.1)
    jekyll-feed (0.13.0)
      jekyll (>= 3.7, < 5.0)
    jekyll-gzip (2.4.1)
      jekyll (>= 3.0, < 5.0)
    jekyll-hardlinks (0.1.1)
      jekyll (~> 4)
    jekyll-images (0.2.1)
      ruby-filemagic (~> 0.7)
      ruby-vips (~> 2)
    jekyll-locales (0.1.10)
    jekyll-onion-location (0.1.0)
      jekyll (~> 4)
    jekyll-relative-urls (0.0.4)
      jekyll (>= 3.8, < 5)
    jekyll-sass-converter (2.0.1)
      sassc (> 2.0.1, < 3.0)
    jekyll-seo-tag (2.6.1)
      jekyll (>= 3.3, < 5.0)
    jekyll-sitemap (1.4.0)
      jekyll (>= 3.7, < 5.0)
    jekyll-turbolinks (0.0.4)
      jekyll (>= 3.8, < 4.1)
      turbolinks-source (~> 5)
    jekyll-watch (2.2.1)
      listen (~> 3.0)
    kramdown (2.1.0)
    kramdown-parser-gfm (1.1.0)
      kramdown (~> 2.0)
    liquid (4.0.3)
    listen (3.2.1)
      rb-fsevent (~> 0.10, >= 0.10.3)
      rb-inotify (~> 0.9, >= 0.9.10)
    mercenary (0.3.6)
    method_source (0.9.2)
    mini_magick (4.10.1)
    necromancer (0.4.0)
    neocities (0.0.13)
      httpclient (~> 2.8, >= 2.8.3)
      pastel (~> 0.7, = 0.7.2)
      rake (~> 12.3, >= 12.3.1)
      tty-prompt (~> 0.12, = 0.12.0)
      tty-table (~> 0.10, = 0.10.0)
    parallel (1.19.1)
    parser (2.7.0.1)
      ast (~> 2.4.0)
    pastel (0.7.2)
      equatable (~> 0.5.0)
      tty-color (~> 0.4.0)
    pathutil (0.16.2)
      forwardable-extended (~> 2.6)
    pry (0.12.2)
      coderay (~> 1.1.0)
      method_source (~> 0.9.0)
    public_suffix (4.0.3)
    rainbow (3.0.0)
    rake (12.3.3)
    rb-fsevent (0.10.3)
    rb-inotify (0.10.1)
      ffi (~> 1.0)
    rouge (3.14.0)
    rubocop (0.79.0)
      jaro_winkler (~> 1.5.1)
      parallel (~> 1.10)
      parser (>= 2.7.0.1)
      rainbow (>= 2.2.2, < 4.0)
      ruby-progressbar (~> 1.7)
      unicode-display_width (>= 1.4.0, < 1.7)
    ruby-enum (0.7.2)
      i18n
    ruby-filemagic (0.7.2)
    ruby-progressbar (1.10.1)
    ruby-vips (2.0.17)
      ffi (~> 1.9)
    safe_yaml (1.0.5)
    sassc (2.2.1)
      ffi (~> 1.9)
    strings (0.1.8)
      strings-ansi (~> 0.1)
      unicode-display_width (~> 1.5)
      unicode_utils (~> 1.4)
    strings-ansi (0.2.0)
    terminal-table (1.8.0)
      unicode-display_width (~> 1.1, >= 1.1.1)
    tty-color (0.4.3)
    tty-cursor (0.4.0)
    tty-prompt (0.12.0)
      necromancer (~> 0.4.0)
      pastel (~> 0.7.0)
      tty-cursor (~> 0.4.0)
      wisper (~> 1.6.1)
    tty-screen (0.6.5)
    tty-table (0.10.0)
      equatable (~> 0.5.0)
      necromancer (~> 0.4.0)
      pastel (~> 0.7.2)
      strings (~> 0.1.0)
      tty-screen (~> 0.6.4)
    turbolinks-source (5.2.0)
    unicode-display_width (1.6.0)
    unicode_utils (1.4.0)
    wisper (1.6.1)

PLATFORMS
  ruby

DEPENDENCIES
  jekyll (~> 4)
  jekyll-archives!
  jekyll-brotli
  jekyll-commonmark
  jekyll-drafts-as-metadata
  jekyll-feed
  jekyll-gzip
  jekyll-hardlinks
  jekyll-images
  jekyll-locales
  jekyll-onion-location
  jekyll-purgecss!
  jekyll-relative-urls
  jekyll-seo-tag
  jekyll-sitemap
  jekyll-turbolinks
  mini_magick
  neocities
  pry
  rubocop
  ruby-filemagic

BUNDLED WITH
   2.1.4
